GEM
  remote: https://rubygems.org/
  specs:
    docker-api (1.34.2)
      excon (>= 0.47.0)
      multi_json
    excon (0.62.0)
    multi_json (1.13.1)
    statsd-ruby (1.4.0)
    systeminformation (0.1.1)

PLATFORMS
  ruby

DEPENDENCIES
  docker-api
  statsd-ruby
  systeminformation

BUNDLED WITH
   1.14.6
